PATH
  remote: .
  specs:
    ruby_sample_xref_app (0.0.1)

GEM
  remote: https://rubygems.org/
  specs:
    activemodel (4.0.0)
      activesupport (= 4.0.0)
      builder (~> 3.1.0)
    activerecord (4.0.0)
      activemodel (= 4.0.0)
      activerecord-deprecated_finders (~> 1.0.2)
      activesupport (= 4.0.0)
      arel (~> 4.0.0)
    activerecord-deprecated_finders (1.0.3)
    activesupport (4.0.0)
      i18n (~> 0.6, >= 0.6.4)
      minitest (~> 4.2)
      multi_json (~> 1.3)
      thread_safe (~> 0.1)
      tzinfo (~> 0.3.37)
    ansi (1.4.3)
    arel (4.0.0)
    atomic (1.1.14)
    barkick (0.0.2)
    builder (3.1.4)
    chartkick (1.2.0)
    geocoder (1.1.8)
    groupdate (1.0.4)
      activerecord (>= 3.0.0)
    hashr (0.0.22)
    i18n (0.6.5)
    mime-types (1.25)
    minitest (4.7.5)
    multi_json (1.8.2)
    rake (10.1.0)
    redis (3.0.5)
    rest-client (1.6.7)
      mime-types (>= 1.16)
    searchkick (0.2.8)
      tire
      tire-contrib
    stripe (1.8.8)
      multi_json (>= 1.0.4, < 2)
      rest-client (~> 1.4)
    thread_safe (0.1.3)
      atomic
    tire (0.6.1)
      activemodel (>= 3.0)
      activesupport
      ansi
      hashr (~> 0.0.19)
      multi_json (~> 1.3)
      rake
      rest-client (~> 1.6)
    tire-contrib (0.1.3)
      tire
    tzinfo (0.3.38)
    yajl-ruby (1.1.0)

PLATFORMS
  ruby

DEPENDENCIES
  barkick (~> 0.0.2)
  chartkick (~> 1.2.0)
  geocoder (~> 1.1.8)
  groupdate (~> 1.0.4)
  redis (~> 3.0.5)
  ruby_sample_xref_app!
  searchkick (~> 0.2.8)
  stripe (~> 1.8.8)
  tire (~> 0.6.1)
  yajl-ruby
